GEM
  remote: https://rubygems.org/
  specs:
    bson (4.0.1)
    json (1.8.3)
    mini_portile2 (2.0.0)
    mongo (2.2.2)
      bson (~> 4.0)
    nokogiri (1.6.7.2)
      mini_portile2 (~> 2.0.0.rc2)
    rack (1.6.4)
    rack-protection (1.5.3)
      rack
    sinatra (1.4.6)
      rack (~> 1.4)
      rack-protection (~> 1.4)
      tilt (>= 1.3, < 3)
    tilt (2.0.2)

PLATFORMS
  ruby

DEPENDENCIES
  bson (~> 4.0)
  json
  mongo (= 2.2.2)
  nokogiri
  sinatra (= 1.4.6)

BUNDLED WITH
   1.11.2
